GIT
  remote: git://github.com/red-gate/kitchen-puppet.git
  revision: a211bec3650406955f8c0363e03ee9527ab60d15
  ref: windows_support
  specs:
    kitchen-puppet (1.42.0)
      net-ssh (~> 3)
      test-kitchen (~> 1.4)

GIT
  remote: git://github.com/red-gate/r10k.git
  revision: 48e49b7fbb006070ae50ba431a20cacbed47d2b0
  branch: 2.0.x
  specs:
    r10k (2.0.3)
      colored (= 1.2)
      cri (~> 2.6.1)
      faraday (~> 0.9.0)
      faraday_middleware (~> 0.9.0)
      faraday_middleware-multi_json (~> 0.0.6)
      log4r (= 1.1.10)
      minitar
      multi_json (~> 1.10)
      semantic_puppet (~> 0.1.0)

GIT
  remote: git://github.com/red-gate/specinfra.git
  revision: d941d078df6d4b5e5dbff1feb8ee40a66804deed
  specs:
    specinfra (2.57.0)
      net-scp
      net-ssh (>= 2.7, < 4.0)
      net-telnet
      sfl

GEM
  remote: https://rubygems.org/
  specs:
    artifactory (2.3.3)
    builder (3.2.2)
    colored (1.2)
    cri (2.6.1)
      colored (~> 1.2)
    diff-lcs (1.2.5)
    erubis (2.7.0)
    faraday (0.9.2)
      multipart-post (>= 1.2, < 3)
    faraday_middleware (0.9.2)
      faraday (>= 0.7.4, < 0.10)
    faraday_middleware-multi_json (0.0.6)
      faraday_middleware
      multi_json
    fast_gettext (1.1.0)
    ffi (1.9.14-x64-mingw32)
    gettext (3.2.2)
      locale (>= 2.0.5)
      text (>= 1.3.0)
    gettext-setup (0.3)
      fast_gettext
      gettext (>= 3.0.2)
    gssapi (1.2.0)
      ffi (>= 1.0.1)
    gyoku (1.3.1)
      builder (>= 2.1.2)
    httpclient (2.8.0)
    kitchen-vagrant (0.20.0)
      test-kitchen (~> 1.4)
    little-plugger (1.1.4)
    locale (2.1.2)
    log4r (1.1.10)
    logging (2.1.0)
      little-plugger (~> 1.1)
      multi_json (~> 1.10)
    minitar (0.5.4)
    mixlib-install (1.1.0)
      artifactory
      mixlib-shellout
      mixlib-versioning
    mixlib-shellout (2.2.6-universal-mingw32)
      win32-process (~> 0.8.2)
      wmi-lite (~> 1.0)
    mixlib-versioning (1.1.0)
    multi_json (1.12.1)
    multipart-post (2.0.0)
    net-scp (1.2.1)
      net-ssh (>= 2.6.5)
    net-ssh (3.2.0)
    net-telnet (0.1.1)
    nori (2.6.0)
    puppet-lint (2.0.0)
    rake (11.1.2)
    rake-performance (0.1.0)
    rspec (3.5.0)
      rspec-core (~> 3.5.0)
      rspec-expectations (~> 3.5.0)
      rspec-mocks (~> 3.5.0)
    rspec-core (3.5.1)
      rspec-support (~> 3.5.0)
    rspec-expectations (3.5.0)
      diff-lcs (>= 1.2.0, < 2.0)
      rspec-support (~> 3.5.0)
    rspec-its (1.2.0)
      rspec-core (>= 3.0.0)
      rspec-expectations (>= 3.0.0)
    rspec-mocks (3.5.0)
      diff-lcs (>= 1.2.0, < 2.0)
      rspec-support (~> 3.5.0)
    rspec-support (3.5.0)
    rubyntlm (0.6.0)
    rubyzip (1.2.0)
    safe_yaml (1.0.4)
    semantic_puppet (0.1.4)
      gettext-setup (>= 0.3)
    serverspec (2.31.1)
      multi_json
      rspec (~> 3.0)
      rspec-its
      specinfra (~> 2.53)
    sfl (2.2)
    test-kitchen (1.8.0)
      mixlib-install (~> 1.0, >= 1.0.4)
      mixlib-shellout (>= 1.2, < 3.0)
      net-scp (~> 1.1)
      net-ssh (>= 2.9, < 4.0)
      safe_yaml (~> 1.0)
      thor (~> 0.18)
    text (1.3.1)
    thor (0.19.1)
    win32-process (0.8.3)
      ffi (>= 1.0.0)
    winrm (1.8.1)
      builder (>= 2.1.2)
      gssapi (~> 1.2)
      gyoku (~> 1.0)
      httpclient (~> 2.2, >= 2.2.0.2)
      logging (>= 1.6.1, < 3.0)
      nori (~> 2.0)
      rubyntlm (~> 0.6.0)
    winrm-elevated (0.4.0)
      winrm (~> 1.5)
      winrm-fs (~> 0.4.2)
    winrm-fs (0.4.3)
      erubis (~> 2.7)
      logging (>= 1.6.1, < 3.0)
      rubyzip (~> 1.1)
      winrm (~> 1.5)
    wmi-lite (1.0.0)

PLATFORMS
  x64-mingw32

DEPENDENCIES
  kitchen-puppet!
  kitchen-vagrant (~> 0.20.0)
  puppet-lint
  r10k!
  rake (~> 11.1.2)
  rake-performance
  serverspec (~> 2.31.1)
  specinfra!
  test-kitchen (~> 1.8.0)
  winrm-elevated (~> 0.4)
  winrm-fs (~> 0.4)

BUNDLED WITH
   1.10.6
